GEM
  remote: https://rubygems.org/
  specs:
    a9s (1.2.0)
      cf (= 5.4.3)
      cfoundry (= 4.6.1)
    activemodel (4.0.3)
      activesupport (= 4.0.3)
      builder (~> 3.1.0)
    activesupport (4.0.3)
      i18n (~> 0.6, >= 0.6.4)
      minitest (~> 4.2)
      multi_json (~> 1.3)
      thread_safe (~> 0.1)
      tzinfo (~> 0.3.37)
    addressable (2.3.5)
    atomic (1.1.15)
    builder (3.1.4)
    caldecott-client (0.0.2)
      multi_json (~> 1.3)
    cf (5.4.3)
      addressable
      caldecott-client (~> 0.0.2)
      cfoundry (~> 4.6.1)
      interact (>= 0.5)
      json_pure
      mothership (>= 0.5.1)
      multi_json (~> 1.3)
      rest-client (~> 1.6)
      uuidtools (~> 2.1)
    cf-uaa-lib (2.0.1)
      multi_json
    cfoundry (4.6.1)
      activemodel (>= 3.2.13, < 5.0.0)
      cf-uaa-lib (~> 2.0.0)
      multi_json (~> 1.7)
      multipart-post (~> 1.1)
      rubyzip (~> 0.9)
    i18n (0.6.9)
    interact (0.5.2)
    json_pure (1.8.1)
    mime-types (2.1)
    minitest (4.7.5)
    mothership (0.5.1)
    multi_json (1.9.0)
    multipart-post (1.2.0)
    rest-client (1.6.7)
      mime-types (>= 1.16)
    rubyzip (0.9.9)
    thread_safe (0.2.0)
      atomic (>= 1.1.7, < 2)
    tzinfo (0.3.38)
    uuidtools (2.1.4)

PLATFORMS
  ruby

DEPENDENCIES
  a9s
